GEM
  specs:
    chunky_png (1.2.5)
    compass (0.13.jaap.0.043c932)
      chunky_png (~> 1.2)
      fssm (>= 0.2.7)
      sass (~> 3.2.0.jaap.0)
    fssm (0.2.8.1)
    sass (3.2.0.jaap.0)

PLATFORMS
  x86-mingw32

DEPENDENCIES
  compass
  sass
