PATH
  remote: B:/Projects/Web/compass
  specs:
    compass (0.13.jaap.0.043c932)
      chunky_png (~> 1.2)
      fssm (>= 0.2.7)
      sass (~> 3.2.0.jaap.0)

PATH
  remote: B:/Projects/Web/jekyll
  specs:
    jekyll (0.11.2.jaap)
      albino (~> 1.3)
      classifier (~> 1.3)
      directory_watcher (~> 1.1)
      kramdown (~> 0.13)
      liquid (~> 2.3)
      maruku (~> 0.5)

PATH
  remote: B:/Projects/Web/sass
  specs:
    sass (3.2.0.jaap.0)

GEM
  specs:
    addressable (2.2.7)
    albino (1.3.3)
      posix-spawn (>= 0.3.6)
    archive-tar-minitar (0.5.2)
    chunky_png (1.2.5)
    classifier (1.3.3)
      fast-stemmer (>= 1.0.0)
    closure-compiler (1.1.6)
    colorize (0.5.8)
    columnize (0.3.6)
    directory_watcher (1.4.1)
    em-dir-watcher (0.9.4)
    em-websocket (0.3.6)
      addressable (>= 2.1.1)
      eventmachine (>= 0.12.9)
    eventmachine (1.0.0.beta.4.1-x86-mingw32)
    fast-stemmer (1.0.0)
    fssm (0.2.8.1)
    haml (3.1.4)
    json (1.6.6)
    kramdown (0.13.5)
    linecache19 (0.5.13)
      ruby_core_source (>= 0.1.4)
    liquid (2.3.0)
    livereload (1.6.1)
      em-dir-watcher (>= 0.1)
      em-websocket (>= 0.3.5)
      json (>= 1.5.3)
    maruku (0.6.0)
      syntax (>= 1.0.0)
    nokogiri (1.5.2-x86-mingw32)
    posix-spawn (0.3.6)
    rake (0.9.2.2)
    redcarpet (2.1.0)
    ruby-debug-base19x (0.11.30.pre10)
      columnize (>= 0.3.1)
      linecache19 (>= 0.5.11)
      rake (>= 0.8.1)
      ruby_core_source (>= 0.1.4)
    ruby-debug-ide (0.4.17.beta9)
      rake (>= 0.8.1)
    ruby_core_source (0.1.5)
      archive-tar-minitar (>= 0.5.2)
    rubypants (0.2.0)
    syntax (1.0.0)
    text-hyphen (1.2)
    win32-api (1.4.8-x86-mingw32)
    win32-changenotify (0.5.1)
      windows-pr (>= 1.0.6)
    win32-event (0.5.2)
      win32-ipc (>= 0.5.0)
    win32-ipc (0.5.3)
      windows-pr (>= 1.0.6)
    win32-process (0.6.5)
      windows-pr (>= 1.1.2)
    windows-api (0.4.1)
      win32-api (>= 1.4.5)
    windows-pr (1.2.1)
      win32-api (>= 1.4.5)
      windows-api (>= 0.3.0)

PLATFORMS
  x86-mingw32

DEPENDENCIES
  closure-compiler
  colorize
  compass!
  haml
  jekyll!
  json
  linecache19 (>= 0.5.13)
  livereload (= 1.6.1)
  nokogiri
  redcarpet (= 2.1.0)
  ruby-debug-base19x (= 0.11.30.pre10)
  ruby-debug-ide (= 0.4.17.beta9)
  ruby_core_source (= 0.1.5)
  rubypants
  sass!
  text-hyphen (= 1.2)
  win32-api
  win32-changenotify
  win32-event
  win32-ipc
  win32-process
  windows-pr
